GEM
  remote: http://rubygems.org/
  specs:
    builder (3.0.0)
    haml (3.1.4)
    hirb (0.6.2)
    libxml-ruby (2.3.2)
    mimemagic (0.1.8)
    net-http-persistent (2.6)
    rack (1.4.1)
    rack-protection (1.2.0)
      rack
    ratom (0.6.10)
      libxml-ruby (>= 1.1.2)
    sinatra (1.3.2)
      rack (~> 1.3, >= 1.3.6)
      rack-protection (~> 1.2)
      tilt (~> 1.3, >= 1.3.3)
    t2-server (0.9.1)
      hirb (>= 0.4.0)
      net-http-persistent (~> 2.6)
      taverna-baclava (~> 1.0.0)
    taverna-baclava (1.0.0)
      builder (~> 3.0.0)
    taverna-t2flow (0.2.0)
      libxml-ruby (>= 1.1.3)
    tilt (1.3.3)

PLATFORMS
  ruby

DEPENDENCIES
  haml (~> 3.1.4)
  libxml-ruby (~> 2.3.2)
  mimemagic (~> 0.1.8)
  ratom (~> 0.6.10)
  sinatra (~> 1.3.2)
  t2-server (~> 0.9.1)
  taverna-t2flow (~> 0.2.0)
